GEM
  remote: https://rubygems.org/
  specs:
    cuba (3.3.0)
      rack
    net-ping (1.7.6)
    rack (1.6.0)
    rack-protection (1.5.3)
      rack
    useragent (0.10.0)

PLATFORMS
  ruby

DEPENDENCIES
  cuba
  net-ping
  rack
  rack-protection
  useragent
